PATH
  remote: .
  specs:
    ruby_katas (0.0.1)
      redcarpet (~> 1.7.0)
      rocco
      rspec (~> 2.9.0)
      tomdoc

GEM
  remote: http://rubygems.org/
  specs:
    colored (1.2)
    diff-lcs (1.1.3)
    mustache (0.99.4)
    redcarpet (1.7.1)
    rocco (0.8.2)
      mustache
      redcarpet
    rspec (2.9.0)
      rspec-core (~> 2.9.0)
      rspec-expectations (~> 2.9.0)
      rspec-mocks (~> 2.9.0)
    rspec-core (2.9.0)
    rspec-expectations (2.9.0)
      diff-lcs (~> 1.1.3)
    rspec-mocks (2.9.0)
    ruby_parser (2.3.1)
      sexp_processor (~> 3.0)
    sexp_processor (3.1.0)
    tomdoc (0.2.5)
      colored
      ruby_parser (>= 2.0.4)

PLATFORMS
  ruby

DEPENDENCIES
  ruby_katas!
