PATH
  remote: .
  specs:
    ruby_katas (0.0.1)
      redcarpet (~> 1.7.0)
      rocco
      rspec (~> 2.8.0)

GEM
  remote: http://rubygems.org/
  specs:
    diff-lcs (1.1.3)
    mustache (0.99.4)
    redcarpet (1.7.1)
    rocco (0.8.2)
      mustache
      redcarpet
    rspec (2.8.0)
      rspec-core (~> 2.8.0)
      rspec-expectations (~> 2.8.0)
      rspec-mocks (~> 2.8.0)
    rspec-core (2.8.0)
    rspec-expectations (2.8.0)
      diff-lcs (~> 1.1.2)
    rspec-mocks (2.8.0)

PLATFORMS
  ruby

DEPENDENCIES
  ruby_katas!
